GEM
  remote: https://rubygems.org/
  specs:
    blankslate (2.1.2.4)
    breakpoint (2.5.0)
      sass (~> 3.3)
      sassy-maps (< 1.0.0)
    celluloid (0.16.0)
      timers (~> 4.0.0)
    chunky_png (1.3.1)
    classifier-reborn (2.0.1)
      fast-stemmer (~> 1.0)
    coffee-script (2.3.0)
      coffee-script-source
      execjs
    coffee-script-source (1.8.0)
    color-schemer (0.2.8)
      compass-blend-modes (~> 0.0.2)
    colorator (0.1)
    colorize (0.7.3)
    compass (1.0.1)
      chunky_png (~> 1.2)
      compass-core (~> 1.0.1)
      compass-import-once (~> 1.0.5)
      rb-fsevent (>= 0.9.3)
      rb-inotify (>= 0.9)
      sass (>= 3.3.13, < 3.5)
    compass-blend-modes (0.0.2)
      compass
    compass-core (1.0.1)
      multi_json (~> 1.0)
      sass (>= 3.3.0, < 3.5)
    compass-import-once (1.0.5)
      sass (>= 3.2, < 3.5)
    csscss (1.3.2)
      colorize
      parslet (~> 1.5)
    execjs (2.2.1)
    fast-stemmer (1.0.2)
    ffi (1.9.3)
    gsl (1.15.3)
      narray (>= 0.5.9)
    hike (1.2.3)
    hitimes (1.2.2)
    i18n (0.6.11)
    jekyll (2.4.0)
      classifier-reborn (~> 2.0)
      colorator (~> 0.1)
      jekyll-coffeescript (~> 1.0)
      jekyll-gist (~> 1.0)
      jekyll-paginate (~> 1.0)
      jekyll-sass-converter (~> 1.0)
      jekyll-watch (~> 1.1)
      kramdown (~> 1.3)
      liquid (~> 2.6.1)
      mercenary (~> 0.3.3)
      pygments.rb (~> 0.6.0)
      redcarpet (~> 3.1)
      safe_yaml (~> 1.0)
      toml (~> 0.1.0)
    jekyll-assets (0.10.0)
      jekyll (~> 2.0)
      sass (~> 3.2)
      sprockets (~> 2.10)
      sprockets-helpers
      sprockets-sass
    jekyll-coffeescript (1.0.1)
      coffee-script (~> 2.2)
    jekyll-gist (1.1.0)
    jekyll-paginate (1.0.0)
    jekyll-sass-converter (1.2.1)
      sass (~> 3.2)
    jekyll-watch (1.1.1)
      listen (~> 2.7)
    json (1.8.1)
    kramdown (1.4.1)
    liquid (2.6.1)
    listen (2.7.9)
      celluloid (>= 0.15.2)
      rb-fsevent (>= 0.9.3)
      rb-inotify (>= 0.9)
    mercenary (0.3.4)
    mini_portile (0.6.0)
    modular-scale (2.0.5)
      compass (>= 0.12.0)
    multi_json (1.10.1)
    narray (0.6.0.9)
    nokogiri (1.6.3.1)
      mini_portile (= 0.6.0)
    octopress (3.0.0.rc.14)
      jekyll (~> 2.0)
      mercenary (~> 0.3.2)
      titlecase
    parslet (1.5.0)
      blankslate (~> 2.0)
    posix-spawn (0.3.9)
    pygments.rb (0.6.0)
      posix-spawn (~> 0.3.6)
      yajl-ruby (~> 1.1.0)
    rack (1.5.2)
    rb-fsevent (0.9.4)
    rb-inotify (0.9.5)
      ffi (>= 0.5.0)
    redcarpet (3.1.2)
    rubypants (0.2.0)
    safe_yaml (1.0.3)
    sass (3.3.14)
    sassy-maps (0.4.0)
      sass (~> 3.3)
    singularitygs (1.4.0)
      breakpoint (~> 2.4)
      sass (~> 3.3)
    sprockets (2.12.2)
      hike (~> 1.2)
      multi_json (~> 1.0)
      rack (~> 1.0)
      tilt (~> 1.1, != 1.3.0)
    sprockets-helpers (1.1.0)
      sprockets (~> 2.0)
    sprockets-sass (1.2.0)
      sprockets (~> 2.0)
      tilt (~> 1.1)
    stringex (2.5.2)
    tilt (1.4.1)
    timers (4.0.1)
      hitimes
    titlecase (0.1.1)
    toml (0.1.1)
      parslet (~> 1.5.0)
    toolkit (2.5.2)
      sass (~> 3.3.0)
    uglifier (2.5.3)
      execjs (>= 0.3.0)
      json (>= 1.8.0)
    yajl-ruby (1.1.0)

PLATFORMS
  ruby

DEPENDENCIES
  color-schemer
  compass (~> 1.0.1)
  compass-import-once
  csscss (~> 1.3)
  gsl
  i18n (~> 0.6.11)
  jekyll-assets (~> 0.10.0)
  json (~> 1.8.1)
  modular-scale (~> 2.0.5)
  nokogiri (~> 1.6.3.1)
  octopress (~> 3.0.0.rc.14)
  rubypants (~> 0.2.0)
  singularitygs (~> 1.4.0)
  stringex (~> 2.5.2)
  toolkit (~> 2.5.2)
  uglifier
