GEM
  remote: https://rubygems.org/
  specs:
    RedCloth (4.2.9)
    breakpoint (2.4.2)
      sass (~> 3.3.0)
      sassy-maps (< 1.0.0)
    chunky_png (1.3.0)
    classifier (1.3.4)
      fast-stemmer (>= 1.0.0)
    closure-compiler (1.1.10)
    color-schemer (0.2.8)
      compass-blend-modes (~> 0.0.2)
    colorize (0.7.1)
    compass (1.0.0.alpha.19)
      chunky_png (~> 1.2)
      compass-core (~> 1.0.0.alpha.19)
      compass-import-once (~> 1.0.3)
      json
      listen (~> 1.1.0)
      sass (>= 3.3.0, < 3.5)
    compass-blend-modes (0.0.2)
      compass
    compass-core (1.0.0.alpha.19)
      multi_json (~> 1.0)
      sass (>= 3.3.0, < 3.5)
    compass-import-once (1.0.4)
      sass (>= 3.2, < 3.5)
    directory_watcher (1.4.1)
    execjs (2.0.2)
    fast-stemmer (1.0.2)
    ffi (1.9.3)
    fontcustom (1.2.0)
      json (~> 1.4)
      listen (~> 1.0)
      thor (~> 0.14)
    gsl (1.14.7)
      narray (>= 0.5.9)
    hike (1.2.3)
    i18n (0.6.9)
    jekyll (0.12.1)
      classifier (~> 1.3)
      directory_watcher (~> 1.1)
      kramdown (~> 0.14)
      liquid (~> 2.3)
      maruku (~> 0.5)
      pygments.rb (~> 0.3.2)
    jekyll-assets (0.3.8)
      jekyll
      sprockets (~> 2.9)
    json (1.8.1)
    kramdown (0.14.2)
    liquid (2.3.0)
    listen (1.1.6)
      rb-fsevent (>= 0.9.3)
      rb-inotify (>= 0.9)
      rb-kqueue (>= 0.2)
    maruku (0.7.1)
    modular-scale (2.0.4)
      compass (>= 0.12.0)
    multi_json (1.9.2)
    narray (0.6.0.8)
    posix-spawn (0.3.8)
    pygments.rb (0.3.7)
      posix-spawn (~> 0.3.6)
      yajl-ruby (~> 1.1.0)
    rack (1.5.2)
    rack-protection (1.5.2)
      rack
    rake (0.9.6)
    rb-fsevent (0.9.4)
    rb-inotify (0.9.3)
      ffi (>= 0.5.0)
    rb-kqueue (0.2.2)
      ffi (>= 0.5.0)
    rdiscount (2.1.7)
    redcarpet (3.0.0)
    rubypants (0.2.0)
    sass (3.3.4)
    sass-globbing (1.0.0)
      sass (>= 3.1)
    sassy-maps (0.3.2)
      compass (~> 1.0.0.alpha.13)
      sass (~> 3.3.0.rc.2)
    sinatra (1.4.4)
      rack (~> 1.4)
      rack-protection (~> 1.4)
      tilt (~> 1.3, >= 1.3.4)
    singularity-extras (1.0.0.alpha.3)
      modular-scale (~> 2.0.0.alpha5)
      singularitygs (~> 1.2.0.rc.1)
    singularitygs (1.2.0)
      breakpoint (~> 2.4)
      sass (~> 3.3.0)
    sprockets (2.12.0)
      hike (~> 1.2)
      multi_json (~> 1.0)
      rack (~> 1.0)
      tilt (~> 1.1, != 1.3.0)
    stringex (1.4.0)
    thor (0.19.1)
    tilt (1.4.1)
    toolkit (2.2.0)
      sass (~> 3.3.0)
    uglifier (2.5.0)
      execjs (>= 0.3.0)
      json (>= 1.8.0)
    yajl-ruby (1.1.0)

PLATFORMS
  ruby

DEPENDENCIES
  RedCloth (~> 4.2.9)
  breakpoint
  closure-compiler (~> 1.1.8)
  color-schemer
  colorize
  compass
  directory_watcher (= 1.4.1)
  fontcustom (~> 1.2.0)
  gsl (~> 1.14.7)
  i18n (~> 0.6.4)
  jekyll (~> 0.12)
  jekyll-assets (~> 0.3.5)
  liquid (~> 2.3.0)
  modular-scale
  pygments.rb (~> 0.3.4)
  rake (~> 0.9)
  rb-fsevent (~> 0.9.3)
  rdiscount (~> 2.1.7)
  redcarpet (~> 3.0.0)
  rubypants (~> 0.2.0)
  sass
  sass-globbing (~> 1.0.0)
  sinatra (~> 1.4.2)
  singularity-extras (~> 1.0.0.alpha.3)
  singularitygs (~> 1.2.0)
  stringex (~> 1.4.0)
  toolkit
  uglifier
