GEM
  remote: http://rubygems.org/
  specs:
    RedCloth (4.2.9)
    chunky_png (1.2.6)
    classifier (1.3.3)
      fast-stemmer (>= 1.0.0)
    compass (0.12.2)
      chunky_png (~> 1.2)
      fssm (>= 0.2.7)
      sass (~> 3.1)
    directory_watcher (1.4.1)
    execjs (1.4.0)
      multi_json (~> 1.0)
    fast-stemmer (1.0.2)
    fssm (0.2.9)
    gsl (1.14.7)
      narray (>= 0.5.9)
    haml (3.1.7)
    hike (1.2.1)
    jekyll (0.12.0)
      classifier (~> 1.3)
      directory_watcher (~> 1.1)
      kramdown (~> 0.13.4)
      liquid (~> 2.3)
      maruku (~> 0.5)
      pygments.rb (~> 0.3.2)
    jekyll-assets (0.3.0)
      jekyll
      sprockets (~> 2.8)
    kramdown (0.13.8)
    liquid (2.4.1)
    maruku (0.6.1)
      syntax (>= 1.0.0)
    multi_json (1.5.0)
    narray (0.6.0.1)
    posix-spawn (0.3.6)
    pygments.rb (0.3.7)
      posix-spawn (~> 0.3.6)
      yajl-ruby (~> 1.1.0)
    rack (1.5.0)
    rack-protection (1.3.2)
      rack
    rake (10.0.3)
    rb-fsevent (0.9.3)
    rdiscount (1.6.8)
    rubypants (0.2.0)
    sass (3.2.5)
    sinatra (1.3.4)
      rack (~> 1.4)
      rack-protection (~> 1.3)
      tilt (~> 1.3, >= 1.3.3)
    sprockets (2.8.2)
      hike (~> 1.2)
      multi_json (~> 1.0)
      rack (~> 1.0)
      tilt (~> 1.1, != 1.3.0)
    stringex (1.5.1)
    susy (1.0.5)
      compass (>= 0.12.2)
      sass (>= 3.2.0)
    syntax (1.0.0)
    tilt (1.3.3)
    uglifier (1.3.0)
      execjs (>= 0.3.0)
      multi_json (~> 1.0, >= 1.0.2)
    yajl-ruby (1.1.0)

PLATFORMS
  ruby

DEPENDENCIES
  RedCloth (~> 4.2.9)
  compass (~> 0.12.2)
  gsl (~> 1.14.7)
  haml (~> 3.1.7)
  jekyll (~> 0.12.0)
  jekyll-assets (~> 0.3.0)
  liquid (~> 2.4.1)
  pygments.rb (~> 0.3.7)
  rack (~> 1.5.0)
  rake (~> 10.0.3)
  rb-fsevent (~> 0.9.3)
  rdiscount (~> 1.6.8)
  rubypants (~> 0.2.0)
  sass (~> 3.2.5)
  sinatra (~> 1.3.4)
  stringex (~> 1.5.1)
  susy (~> 1.0.5)
  uglifier (~> 1.3.0)
