GEM
  remote: http://rubygems.org/
  specs:
    RedCloth (4.2.9)
    chunky_png (1.2.6)
    classifier (1.3.3)
      fast-stemmer (>= 1.0.0)
    closure-compiler (1.1.8)
    compass (0.12.2)
      chunky_png (~> 1.2)
      fssm (>= 0.2.7)
      sass (~> 3.1)
    directory_watcher (1.5.1)
    fast-stemmer (1.0.2)
    fssm (0.2.9)
    gsl (1.15.3)
      narray (>= 0.5.9)
    haml (4.0.1)
      tilt
    hike (1.2.1)
    jekyll (0.12.1)
      classifier (~> 1.3)
      directory_watcher (~> 1.1)
      kramdown (~> 0.14)
      liquid (~> 2.3)
      maruku (~> 0.5)
      pygments.rb (~> 0.3.2)
    jekyll-assets (0.3.5)
      jekyll
      sprockets (~> 2.9)
    kramdown (0.14.2)
    liquid (2.5.0)
    maruku (0.6.1)
      syntax (>= 1.0.0)
    multi_json (1.7.2)
    narray (0.6.0.8)
    oily_png (1.0.3)
      chunky_png (~> 1.2.1)
    posix-spawn (0.3.6)
    pygments.rb (0.3.7)
      posix-spawn (~> 0.3.6)
      yajl-ruby (~> 1.1.0)
    rack (1.5.2)
    rack-protection (1.3.2)
      rack
    rake (10.0.4)
    rb-fsevent (0.9.3)
    rdiscount (2.0.7.1)
    rubypants (0.2.0)
    sass (3.2.7)
    sinatra (1.3.4)
      rack (~> 1.4)
      rack-protection (~> 1.3)
      tilt (~> 1.3, >= 1.3.3)
    sprockets (2.9.0)
      hike (~> 1.2)
      multi_json (~> 1.0)
      rack (~> 1.0)
      tilt (~> 1.1, != 1.3.0)
    stringex (1.5.1)
    susy (1.0.8)
      compass (>= 0.12.2)
      sass (>= 3.2.0)
    syntax (1.0.0)
    tilt (1.3.3)
    yajl-ruby (1.1.0)

PLATFORMS
  ruby

DEPENDENCIES
  RedCloth (~> 4.2.9)
  closure-compiler (~> 1.1.8)
  compass (~> 0.12.2)
  gsl (~> 1.15.3)
  haml (~> 4.0.1)
  jekyll (~> 0.12.1)
  jekyll-assets (~> 0.3.5)
  liquid (~> 2.5.0)
  oily_png (~> 1.0.3)
  pygments.rb (~> 0.3.7)
  rack (~> 1.5.2)
  rake (~> 10.0.4)
  rb-fsevent (~> 0.9.3)
  rdiscount (~> 2.0.7.1)
  rubypants (~> 0.2.0)
  sass (~> 3.2.7)
  sinatra (~> 1.3.4)
  stringex (~> 1.5.1)
  susy (~> 1.0.8)
