GIT
  remote: https://github.com/tonyarnold/narray
  revision: eeb06b030320a222727e41f11a2f0be300f9dd52
  specs:
    narray (0.6.0.8)

GIT
  remote: https://github.com/tonyarnold/rb-gsl
  revision: 659a95fd9b610c02e38035b956feceb5c29e1ecb
  specs:
    gsl (1.14.7)
      narray (>= 0.5.9)

GEM
  remote: https://rubygems.org/
  specs:
    classifier-reborn (2.0.3)
      fast-stemmer (~> 1.0)
    colorator (0.1)
    fast-stemmer (1.0.2)
    ffi (1.9.10)
    jekyll (3.0.0)
      colorator (~> 0.1)
      jekyll-sass-converter (~> 1.0)
      jekyll-watch (~> 1.1)
      kramdown (~> 1.3)
      liquid (~> 3.0)
      mercenary (~> 0.3.3)
      rouge (~> 1.7)
      safe_yaml (~> 1.0)
    jekyll-paginate (1.1.0)
    jekyll-sass-converter (1.3.0)
      sass (~> 3.2)
    jekyll-watch (1.3.0)
      listen (~> 3.0)
    json (1.8.3)
    kramdown (1.9.0)
    liquid (3.0.6)
    listen (3.0.3)
      rb-fsevent (>= 0.9.3)
      rb-inotify (>= 0.9)
    mercenary (0.3.5)
    octopress (3.0.11)
      jekyll (>= 2.0)
      mercenary (~> 0.3.2)
      octopress-deploy
      octopress-escape-code (~> 2.0)
      octopress-hooks (~> 2.0)
      redcarpet (~> 3.0)
      titlecase
    octopress-deploy (1.3.0)
      colorator
    octopress-escape-code (2.0.6)
      octopress-hooks (~> 2.0)
    octopress-hooks (2.6.1)
      jekyll (>= 2.0)
    posix-spawn (0.3.11)
    pygments.rb (0.6.3)
      posix-spawn (~> 0.3.6)
      yajl-ruby (~> 1.2.0)
    rb-fsevent (0.9.6)
    rb-gsl (1.16.0.6)
      gsl
    rb-inotify (0.9.5)
      ffi (>= 0.5.0)
    redcarpet (3.3.3)
    rouge (1.10.1)
    rubypants (0.2.0)
    safe_yaml (1.0.4)
    sass (3.4.19)
    stringex (2.5.2)
    titlecase (0.1.1)
    yajl-ruby (1.2.1)

PLATFORMS
  ruby

DEPENDENCIES
  classifier-reborn (~> 2.0, >= 2.0.3)
  gsl!
  jekyll (~> 3.0)
  jekyll-paginate
  json (~> 1.8.3)
  narray!
  octopress
  pygments.rb (~> 0.6.3)
  rb-gsl (~> 1.16, >= 1.16.0.6)
  rubypants (~> 0.2.0)
  stringex (~> 2.5.2)

BUNDLED WITH
   1.10.6
