GEM
  remote: https://rubygems.org/
  specs:
    blankslate (2.1.2.4)
    celluloid (0.16.0)
      timers (~> 4.0.0)
    classifier-reborn (2.0.3)
      fast-stemmer (~> 1.0)
    coffee-script (2.3.0)
      coffee-script-source
      execjs
    coffee-script-source (1.9.1)
    colorator (0.1)
    colorize (0.7.5)
    csscss (1.3.2)
      colorize
      parslet (~> 1.5)
    execjs (2.3.0)
    fast-stemmer (1.0.2)
    ffi (1.9.6)
    fontcustom (1.3.8)
      json (~> 1.4)
      listen (>= 1.0, < 3.0)
      thor (~> 0.14)
    gsl (1.15.3)
      narray (>= 0.5.9)
    hitimes (1.2.2)
    jekyll (2.5.3)
      classifier-reborn (~> 2.0)
      colorator (~> 0.1)
      jekyll-coffeescript (~> 1.0)
      jekyll-gist (~> 1.0)
      jekyll-paginate (~> 1.0)
      jekyll-sass-converter (~> 1.0)
      jekyll-watch (~> 1.1)
      kramdown (~> 1.3)
      liquid (~> 2.6.1)
      mercenary (~> 0.3.3)
      pygments.rb (~> 0.6.0)
      redcarpet (~> 3.1)
      safe_yaml (~> 1.0)
      toml (~> 0.1.0)
    jekyll-coffeescript (1.0.1)
      coffee-script (~> 2.2)
    jekyll-gist (1.1.0)
    jekyll-paginate (1.1.0)
    jekyll-sass-converter (1.3.0)
      sass (~> 3.2)
    jekyll-watch (1.2.1)
      listen (~> 2.7)
    json (1.8.2)
    kramdown (1.6.0)
    liquid (2.6.2)
    listen (2.8.5)
      celluloid (>= 0.15.2)
      rb-fsevent (>= 0.9.3)
      rb-inotify (>= 0.9)
    mercenary (0.3.5)
    mini_portile (0.6.0)
    narray (0.6.1.1)
    nokogiri (1.6.3.1)
      mini_portile (= 0.6.0)
    octopress (3.0.0.rc.34)
      jekyll (~> 2.0)
      mercenary (~> 0.3.2)
      octopress-deploy
      octopress-escape-code (~> 2.0)
      octopress-hooks (~> 2.0)
      titlecase
    octopress-deploy (1.1.0)
      colorator
    octopress-escape-code (2.0.6)
      octopress-hooks (~> 2.0)
    octopress-hooks (2.6.0)
      jekyll (~> 2.0)
    parslet (1.5.0)
      blankslate (~> 2.0)
    posix-spawn (0.3.10)
    pygments.rb (0.6.2)
      posix-spawn (~> 0.3.6)
      yajl-ruby (~> 1.2.0)
    rainbow (2.0.0)
    rb-fsevent (0.9.4)
    rb-inotify (0.9.5)
      ffi (>= 0.5.0)
    redcarpet (3.2.2)
    rubypants (0.2.0)
    safe_yaml (1.0.4)
    sass (3.4.13)
    scss-lint (0.34.0)
      rainbow (~> 2.0)
      sass (~> 3.4.1)
    stringex (2.5.2)
    thor (0.19.1)
    timers (4.0.1)
      hitimes
    titlecase (0.1.1)
    toml (0.1.2)
      parslet (~> 1.5.0)
    yajl-ruby (1.2.1)

PLATFORMS
  ruby

DEPENDENCIES
  csscss (~> 1.3)
  fontcustom (~> 1.3.7)
  gsl
  json (~> 1.8.1)
  nokogiri (~> 1.6.3.1)
  octopress (~> 3.0.0.rc.34)
  rubypants (~> 0.2.0)
  sass (>= 3.3)
  scss-lint
  stringex (~> 2.5.2)
